PATH
  remote: .
  specs:
    boleto_bancario (0.0.2.beta)
      activemodel (~> 4.0.0)
      activesupport (~> 4.0.0)
      barby
      rake

GEM
  remote: http://rubygems.org/
  specs:
    activemodel (4.0.2)
      activesupport (= 4.0.2)
      builder (~> 3.1.0)
    activesupport (4.0.2)
      i18n (~> 0.6, >= 0.6.4)
      minitest (~> 4.2)
      multi_json (~> 1.3)
      thread_safe (~> 0.1)
      tzinfo (~> 0.3.37)
    atomic (1.1.14)
    barby (0.5.1)
    builder (>=3.1.4)
    coderay (1.1.0)
    diff-lcs (1.2.5)
    docile (1.1.2)
    i18n (0.6.9)
    method_source (0.8.2)
    minitest (4.7.5)
    multi_json (1.8.4)
    pry (0.9.12.4)
      coderay (~> 1.0)
      method_source (~> 0.8)
      slop (~> 3.4)
    rake (10.1.1)
    rspec (2.14.1)
      rspec-core (~> 2.14.0)
      rspec-expectations (~> 2.14.0)
      rspec-mocks (~> 2.14.0)
    rspec-core (2.14.7)
    rspec-expectations (2.14.4)
      diff-lcs (>= 1.1.3, < 2.0)
    rspec-mocks (2.14.4)
    simplecov (0.8.2)
      docile (~> 1.1.0)
      multi_json
      simplecov-html (~> 0.8.0)
    simplecov-html (0.8.0)
    slop (3.4.7)
    thread_safe (0.1.3)
      atomic
    tzinfo (0.3.38)
    valid_attribute (1.3.1)
    yard (0.8.7.3)

PLATFORMS
  ruby

DEPENDENCIES
  boleto_bancario!
  pry (~> 0.9)
  rspec (~> 2.13)
  simplecov (~> 0.2)
  simplecov-html (~> 0.7)
  valid_attribute (~> 1.3)
  yard
